GIT
  remote: git://github.com/flori/amatch.git
  revision: 87cc2e82af00196b20bf0588bd89c55ef2af63b6
  specs:
    amatch (0.2.9)
      tins (~> 0.3)

GIT
  remote: git://github.com/morr/Ruby-SVD.git
  revision: 2775ee2f257fb3c95ef94e8d9cf56ea7686531e7
  specs:
    ruby-svd (0.5.4)

GIT
  remote: git://github.com/morr/acts_as_voteable.git
  revision: 91b50702e6dbd34f904360ef1c7c1d92ad47427a
  specs:
    acts_as_voteable (0.0.3)
      rails (~> 3.0)

GIT
  remote: git://github.com/morr/foreman.git
  revision: f3390d413fe3a8d6951b0684c816781c3a7aec96
  specs:
    foreman (0.48.0.pre3)
      thor (>= 0.13.6)

GIT
  remote: git://github.com/morr/meta-tags.git
  revision: 9765a08595bae34947e90ff25a5f6be4cb441243
  specs:
    meta-tags (1.2.4)
      actionpack

GIT
  remote: git://github.com/morr/quote_extractor.git
  revision: 827319d861c6253363a240bddc549027bafd2bde
  tag: v0.0.2
  specs:
    quote_extractor (0.0.2)

GIT
  remote: git://github.com/morr/ruby-progressbar.git
  revision: d9336451f1356b9f3a4ff65c59a4ca122f9dc50c
  specs:
    ruby-progressbar (0.0.9)

GIT
  remote: git://github.com/myobie/htmldiff.git
  revision: c3b9112b34e9c37e805068ae3a6a42388666e67e
  specs:
    htmldiff (0.0.1)

GIT
  remote: git://github.com/tomykaira/clockwork.git
  revision: 30a018cf7b6e81a72013dd6117b3c2c27f859a23
  specs:
    clockwork (0.7.0)
      activesupport
      tzinfo (~> 0.3.35)

GIT
  remote: git://github.com/yaroslav/russian.git
  revision: e2dde13672bcee176f8b0be364a55ac256913231
  specs:
    russian (0.6.0)
      i18n (>= 0.5.0)

GIT
  remote: git@github.com:mojombo/chronic.git
  revision: a3006f564b4aef7426bd4c59e8f09f34b764c997
  specs:
    chronic (0.10.2)

GEM
  remote: https://rubygems.org/
  specs:
    actionmailer (3.2.16)
      actionpack (= 3.2.16)
      mail (~> 2.5.4)
    actionpack (3.2.16)
      activemodel (= 3.2.16)
      activesupport (= 3.2.16)
      builder (~> 3.0.0)
      erubis (~> 2.7.0)
      journey (~> 1.0.4)
      rack (~> 1.4.5)
      rack-cache (~> 1.2)
      rack-test (~> 0.6.1)
      sprockets (~> 2.2.1)
    active_model_serializers (0.8.1)
      activemodel (>= 3.0)
    activemodel (3.2.16)
      activesupport (= 3.2.16)
      builder (~> 3.0.0)
    activerecord (3.2.16)
      activemodel (= 3.2.16)
      activesupport (= 3.2.16)
      arel (~> 3.0.2)
      tzinfo (~> 0.3.29)
    activerecord-import (0.3.1)
      activerecord (~> 3.0)
      activerecord (~> 3.0)
    activeresource (3.2.16)
      activemodel (= 3.2.16)
      activesupport (= 3.2.16)
    activesupport (3.2.16)
      i18n (~> 0.6, >= 0.6.4)
      multi_json (~> 1.0)
    acts-as-taggable-on (2.1.1)
      rails
    addressable (2.2.8)
    apipie-rails (0.0.24)
      rails (>= 3.0.10)
    arel (3.0.3)
    atomic (1.1.14)
    attribute-defaults (0.6.0)
      activerecord (>= 3.0.0)
    awesome_print (1.2.0)
    aws-s3 (0.6.3)
      builder
      mime-types
      xml-simple
    bb-ruby (0.9.5)
    bcrypt-ruby (3.1.2)
    better_errors (1.1.0)
      coderay (>= 1.0.0)
      erubis (>= 2.6.6)
    binding_of_caller (0.7.2)
      debug_inspector (>= 0.0.1)
    builder (3.0.4)
    cache_digests (0.3.1)
      actionpack (>= 3.2)
      thread_safe
    capistrano (2.15.4)
      highline
      net-scp (>= 1.0.0)
      net-sftp (>= 2.0.0)
      net-ssh (>= 2.0.14)
      net-ssh-gateway (>= 1.1.0)
    capybara (2.1.0)
      mime-types (>= 1.16)
      nokogiri (>= 1.3.3)
      rack (>= 1.0.0)
      rack-test (>= 0.5.4)
      xpath (~> 2.0)
    celluloid (0.15.2)
      timers (~> 1.1.0)
    childprocess (0.3.9)
      ffi (~> 1.0, >= 1.0.11)
    chunky_png (1.2.8)
    cocaine (0.2.1)
    coderay (1.0.9)
    coffee-rails (3.2.2)
      coffee-script (>= 2.2.0)
      railties (~> 3.2.0)
    coffee-script (2.2.0)
      coffee-script-source
      execjs
    coffee-script-source (1.6.2)
    compass (0.12.2)
      chunky_png (~> 1.2)
      fssm (>= 0.2.7)
      sass (~> 3.1)
    compass-rails (1.0.3)
      compass (>= 0.12.2, < 0.14)
    composite_primary_keys (5.0.12)
      activerecord (~> 3.2.0, >= 3.2.9)
    connection_pool (1.2.0)
    cookiejar (0.3.0)
    crack (0.4.1)
      safe_yaml (~> 0.9.0)
    daemons (1.1.9)
    dalli (2.7.0)
    database_rewinder (0.0.2)
    debug_inspector (0.0.2)
    devise (3.1.1)
      bcrypt-ruby (~> 3.0)
      orm_adapter (~> 0.1)
      railties (>= 3.2.6, < 5)
      thread_safe (~> 0.1)
      warden (~> 1.2.3)
    devise-async (0.8.0)
      devise (>= 2.2, < 3.2)
    diff-lcs (1.2.4)
    draper (1.3.0)
      actionpack (>= 3.0)
      activemodel (>= 3.0)
      activesupport (>= 3.0)
      request_store (~> 1.0.3)
    em-hiredis (0.1.1)
      hiredis (~> 0.4.0)
    em-http-request (1.0.2)
      addressable (>= 2.2.3)
      cookiejar
      em-socksify
      eventmachine (>= 1.0.0.beta.4)
      http_parser.rb (>= 0.5.3)
    em-socksify (0.2.0)
      eventmachine (>= 1.0.0.beta.4)
    em-websocket (0.5.0)
      eventmachine (>= 0.12.9)
      http_parser.rb (~> 0.5.3)
    enumerize (0.6.1)
      activesupport (>= 3.2)
    erubis (2.7.0)
    eventmachine (1.0.3)
    exception_notification (4.0.1)
      actionmailer (>= 3.0.4)
      activesupport (>= 3.0.4)
    execjs (2.0.2)
    factory_girl (4.1.0)
      activesupport (>= 3.0.0)
    factory_girl_rails (4.1.0)
      factory_girl (~> 4.1.0)
      railties (>= 3.0.0)
    faraday (0.8.8)
      multipart-post (~> 1.2.0)
    faye (0.8.1)
      cookiejar (>= 0.3.0)
      em-http-request (>= 0.3.0)
      eventmachine (>= 0.12.0)
      faye-websocket (>= 0.4.0)
      rack (>= 1.0.0)
      yajl-ruby (>= 1.0.0)
    faye-redis (0.1.0)
      em-hiredis (>= 0.0.1)
      eventmachine (>= 0.12.0)
      yajl-ruby (>= 1.0.0)
    faye-websocket (0.4.4)
      eventmachine (>= 0.12.0)
    ffi (1.9.0)
    formatador (0.2.4)
    formtastic (2.0.2)
      rails (~> 3.0)
    fssm (0.2.10)
    guard (1.8.2)
      formatador (>= 0.2.4)
      listen (>= 1.0.0)
      lumberjack (>= 1.0.2)
      pry (>= 0.9.10)
      thor (>= 0.14.6)
    guard-livereload (1.3.0)
      em-websocket (>= 0.2.0)
      guard (>= 1.5.0)
      multi_json (~> 1.0)
    guard-rspec (3.0.2)
      guard (>= 1.8)
      rspec (~> 2.13)
    guard-spork (1.5.1)
      childprocess (>= 0.2.3)
      guard (>= 1.1)
      spork (>= 0.8.4)
    hashie (2.0.5)
    highline (1.6.19)
    hike (1.2.3)
    hiredis (0.4.5)
    htmlentities (4.3.1)
    http_parser.rb (0.5.3)
    i18n (0.6.9)
    icalendar (1.1.6)
    journey (1.0.4)
    json (1.8.1)
    launchy (2.1.0)
      addressable (~> 2.2.6)
    letter_opener (1.0.0)
      launchy (>= 2.0.4)
    libv8 (3.11.8.17)
    listen (1.3.0)
      rb-fsevent (>= 0.9.3)
      rb-inotify (>= 0.9)
      rb-kqueue (>= 0.2)
    lumberjack (1.0.4)
    macaddr (1.5.0)
      systemu (>= 2.4.0)
    mactag (0.7.2)
    mail (2.5.4)
      mime-types (~> 1.16)
      treetop (~> 1.4.8)
    marco-polo (1.1.0)
    method_source (0.8.2)
    metrika (0.1.4)
      oauth2
      yajl-ruby
    mime-types (1.25.1)
    mock_redis (0.10.0)
    multi_json (1.8.4)
    multipart-post (1.2.0)
    mysql2 (0.3.11)
    net-scp (1.1.1)
      net-ssh (>= 2.6.5)
    net-sftp (2.1.2)
      net-ssh (>= 2.6.5)
    net-ssh (2.6.7)
    net-ssh-gateway (1.2.0)
      net-ssh (>= 2.6.5)
    newrelic_rpm (3.6.7.159)
    nokogiri (1.5.10)
    oauth (0.4.7)
    oauth2 (0.5.2)
      faraday (~> 0.7)
      multi_json (~> 1.0)
    omniauth (1.1.4)
      hashie (>= 1.2, < 3)
      rack
    omniauth-facebook (1.2.0)
      omniauth-oauth2 (~> 1.0.0)
    omniauth-oauth (1.0.1)
      oauth
      omniauth (~> 1.0)
    omniauth-oauth2 (1.0.0)
      oauth2 (~> 0.5.0)
      omniauth (~> 1.0)
    omniauth-twitter (1.0.1)
      multi_json (~> 1.3)
      omniauth-oauth (~> 1.0)
    omniauth-vkontakte (1.2.0)
      multi_json
      omniauth (~> 1.1.0)
      omniauth-oauth2 (~> 1.0)
    orm_adapter (0.4.0)
    paperclip (2.4.3)
      activerecord (>= 2.3.0)
      activesupport (>= 2.3.2)
      cocaine (>= 0.0.2)
      mime-types
    polyamorous (0.5.0)
      activerecord (~> 3.0)
    polyglot (0.3.3)
    postmark (1.0.1)
      json
      rake
    postmark-rails (0.5.1)
      actionmailer (>= 3.0.0)
      postmark (~> 1.0)
    pry (0.9.12.2)
      coderay (~> 1.0.5)
      method_source (~> 0.8)
      slop (~> 3.4)
    pry-rails (0.3.1)
      pry (>= 0.9.10)
    quiet_assets (1.0.2)
      railties (>= 3.1, < 5.0)
    rabl (0.8.0)
      activesupport (>= 2.3.14)
    rack (1.4.5)
    rack-cache (1.2)
      rack (>= 0.4)
    rack-protection (1.5.1)
      rack
    rack-ssl (1.3.3)
      rack
    rack-test (0.6.2)
      rack (>= 1.0)
    rails (3.2.16)
      actionmailer (= 3.2.16)
      actionpack (= 3.2.16)
      activerecord (= 3.2.16)
      activeresource (= 3.2.16)
      activesupport (= 3.2.16)
      bundler (~> 1.0)
      railties (= 3.2.16)
    railties (3.2.16)
      actionpack (= 3.2.16)
      activesupport (= 3.2.16)
      rack-ssl (~> 1.3.2)
      rake (>= 0.8.7)
      rdoc (~> 3.4)
      thor (>= 0.14.6, < 2.0)
    rake (10.1.1)
    rb-fchange (0.0.6)
      ffi
    rb-fsevent (0.9.3)
    rb-inotify (0.9.2)
      ffi (>= 0.5.0)
    rb-kqueue (0.2.0)
      ffi (>= 0.5.0)
    rdoc (3.12.2)
      json (~> 1.4)
    redis (3.0.6)
    redis-namespace (1.4.1)
      redis (~> 3.0.4)
    ref (1.0.5)
    request_store (1.0.5)
    rest-client (1.6.7)
      mime-types (>= 1.16)
    rmagick (2.13.2)
    rspec (2.14.1)
      rspec-core (~> 2.14.0)
      rspec-expectations (~> 2.14.0)
      rspec-mocks (~> 2.14.0)
    rspec-core (2.14.6)
    rspec-expectations (2.14.3)
      diff-lcs (>= 1.1.3, < 2.0)
    rspec-mocks (2.14.4)
    rspec-rails (2.14.0)
      actionpack (>= 3.0)
      activesupport (>= 3.0)
      railties (>= 3.0)
      rspec-core (~> 2.14.0)
      rspec-expectations (~> 2.14.0)
      rspec-mocks (~> 2.14.0)
    rvm-capistrano (1.2.7)
      capistrano (>= 2.0.0)
    safe_yaml (0.9.7)
    sass (3.2.9)
    sass-rails (3.2.6)
      railties (~> 3.2.0)
      sass (>= 3.1.10)
      tilt (~> 1.3)
    sextant (0.2.4)
      rails (>= 3.2)
    shoulda (2.11.3)
    shoulda-matchers (1.0.0)
    sidekiq (2.17.2)
      celluloid (>= 0.15.2)
      connection_pool (>= 1.0.0)
      json
      redis (>= 3.0.6)
      redis-namespace (>= 1.3.1)
    sidekiq-limit_fetch (2.1.2)
      sidekiq (>= 2.6.5, < 3)
    sidekiq-unique-jobs (2.7.0)
      mock_redis
      sidekiq (~> 2.6)
    simple_form (2.0.2)
      actionpack (~> 3.0)
      activemodel (~> 3.0)
    sinatra (1.4.4)
      rack (~> 1.4)
      rack-protection (~> 1.4)
      tilt (~> 1.3, >= 1.3.4)
    slim (2.0.0)
      temple (~> 0.6.5)
      tilt (~> 1.3, >= 1.3.3)
    slim-rails (2.0.3)
      actionpack (>= 3.0, < 4.1)
      activesupport (>= 3.0, < 4.1)
      railties (>= 3.0, < 4.1)
      slim (~> 2.0)
    slop (3.4.6)
    spork (0.9.2)
    sprockets (2.2.2)
      hike (~> 1.2)
      multi_json (~> 1.0)
      rack (~> 1.0)
      tilt (~> 1.1, != 1.3.0)
    sql-logging (3.0.8)
      rails (> 3.0.0)
    squeel (1.0.16)
      activerecord (~> 3.0)
      activesupport (~> 3.0)
      polyamorous (~> 0.5.0)
    state_machine (1.1.2)
    strong_parameters (0.2.2)
      actionpack (~> 3.0)
      activemodel (~> 3.0)
      railties (~> 3.0)
    susy (1.0.8)
      compass (>= 0.12.2)
      sass (>= 3.2.0)
    systemu (2.4.2)
    temple (0.6.5)
    therubyracer (0.11.4)
      libv8 (~> 3.11.8.12)
      ref
    thin (1.5.1)
      daemons (>= 1.0.9)
      eventmachine (>= 0.12.6)
      rack (>= 1.0.0)
    thor (0.18.1)
    thread_safe (0.1.3)
      atomic
    tilt (1.4.1)
    timers (1.1.0)
    tins (0.3.7)
    treetop (1.4.15)
      polyglot
      polyglot (>= 0.3.1)
    truncate_html (0.5.5)
    turbo-sprockets-rails3 (0.3.6)
      railties (> 3.2.8, < 4.0.0)
      sprockets (>= 2.0.0)
    tzinfo (0.3.38)
    uglifier (2.3.0)
      execjs (>= 0.3.0)
      json (>= 1.8.0)
    unicode (0.4.0)
    uuid (2.3.4)
      macaddr (~> 1.0)
    vcr (2.6.0)
    warden (1.2.3)
      rack (>= 1.0)
    webmock (1.13.0)
      addressable (>= 2.2.7)
      crack (>= 0.3.2)
    whenever (0.9.0)
      activesupport (>= 2.3.4)
      chronic (>= 0.6.3)
    will_paginate (3.0.4)
    will_paginate-bootstrap (1.0.0)
      will_paginate (>= 3.0.3)
    xml-simple (1.1.2)
    xpath (2.0.0)
      nokogiri (~> 1.3)
    yajl-ruby (1.1.0)

PLATFORMS
  ruby

DEPENDENCIES
  active_model_serializers
  activerecord-import
  acts-as-taggable-on
  acts_as_voteable!
  amatch!
  apipie-rails
  attribute-defaults
  awesome_print
  aws-s3
  bb-ruby
  better_errors
  binding_of_caller
  cache_digests
  capistrano
  capybara
  chronic!
  clockwork!
  coffee-rails
  compass-rails
  composite_primary_keys
  dalli
  database_rewinder
  devise
  devise-async
  draper
  enumerize
  exception_notification
  factory_girl_rails
  faye
  faye-redis
  foreman!
  formtastic
  guard (= 1.8.2)
  guard-livereload
  guard-rspec (= 3.0.2)
  guard-spork
  htmldiff!
  htmlentities
  icalendar
  letter_opener
  listen (= 1.3.0)
  mactag
  marco-polo
  meta-tags!
  metrika
  mysql2
  newrelic_rpm
  nokogiri
  omniauth
  omniauth-facebook
  omniauth-twitter
  omniauth-vkontakte
  paperclip (= 2.4.3)
  postmark-rails
  pry-rails
  quiet_assets
  quote_extractor!
  rabl
  rails (= 3.2.16)
  rake
  rb-fchange
  rb-fsevent
  rb-inotify
  redis
  rest-client
  rmagick
  rspec-rails
  ruby-progressbar!
  ruby-svd!
  russian!
  rvm-capistrano
  sass-rails
  sextant
  shoulda
  shoulda-matchers
  sidekiq
  sidekiq-limit_fetch
  sidekiq-unique-jobs
  simple_form
  sinatra (>= 1.3.0)
  slim-rails
  spork
  sql-logging
  squeel
  state_machine
  strong_parameters
  susy (= 1.0.8)
  therubyracer
  thin
  truncate_html
  turbo-sprockets-rails3
  uglifier
  unicode
  uuid
  vcr
  webmock (= 1.13)
  whenever
  will_paginate
  will_paginate-bootstrap
