GIT
  remote: git://github.com/flori/amatch.git
  revision: 81db493aa8fa007b6d384e75960212ea1637412e
  specs:
    amatch (0.2.12)
      tins (~> 0.3)

GIT
  remote: git://github.com/gemhome/rmagick.git
  revision: d287616e5c565f919e9c036672d7aff45e7a8951
  branch: master
  specs:
    rmagick (2.14.0)

GIT
  remote: git://github.com/itsNikolay/magnific-popup-rails.git
  revision: 03502062efff48c133fc348b611738ba85a5b5ba
  specs:
    magnific-popup-rails (0.9.9)

GIT
  remote: git://github.com/morr/Ruby-SVD.git
  revision: 2775ee2f257fb3c95ef94e8d9cf56ea7686531e7
  specs:
    ruby-svd (0.5.4)

GIT
  remote: git://github.com/morr/acts_as_voteable.git
  revision: 9d2b34208f790779d898f13b5505b37f0a8e3aa8
  branch: master
  specs:
    acts_as_voteable (0.0.3)

GIT
  remote: git://github.com/morr/cancancan.git
  revision: 18331636f2fcdd6d26358a2a338b7438c7191c5c
  branch: master
  specs:
    cancancan (1.10.1)

GIT
  remote: git://github.com/morr/foreman.git
  revision: f3390d413fe3a8d6951b0684c816781c3a7aec96
  specs:
    foreman (0.48.0.pre3)
      thor (>= 0.13.6)

GIT
  remote: git://github.com/morr/listen.git
  revision: 7d9441b09a49fa6c8c2e9c6473b2251964e25bac
  specs:
    listen (2.7.11)
      celluloid (>= 0.15.2)
      rb-fsevent (>= 0.9.3)
      rb-inotify (>= 0.9)

GIT
  remote: git://github.com/morr/simple_form-magic_submit.git
  revision: 4664eceee4b5de020741ac77abf93e32aa2d400b
  specs:
    simple_form-magic_submit (1.2.0)
      i18n (~> 0.6)
      simple_form (>= 3.0.0.beta1)

GIT
  remote: git://github.com/morr/turbolinks.git
  revision: 14f4ee2215d32bdb8fcd51c49ae65ed3f46488eb
  branch: master
  specs:
    turbolinks (2.5.3)
      coffee-rails

GIT
  remote: git://github.com/myobie/htmldiff.git
  revision: c3b9112b34e9c37e805068ae3a6a42388666e67e
  specs:
    htmldiff (0.0.1)

GIT
  remote: git://github.com/nazgum/will_paginate.git
  revision: 887d615971e76c01d19e2e274856129acf5b9ec3
  branch: master
  specs:
    will_paginate (3.0.4)

GIT
  remote: git://github.com/rails-api/active_model_serializers.git
  revision: 8d31f7ee8c0ea3ed83ab871765f1444291278b41
  branch: 0-8-stable
  specs:
    active_model_serializers (0.8.3)
      activemodel (>= 3.0)

GIT
  remote: git://github.com/zph/clockwork.git
  revision: ac95a6c6b11527bf11c6970f2c1865004cc2559f
  branch: master
  specs:
    clockwork (0.7.5)
      activesupport
      tzinfo

GEM
  remote: https://rubygems.org/
  remote: https://rails-assets.org/
  specs:
    actionmailer (4.2.3)
      actionpack (= 4.2.3)
      actionview (= 4.2.3)
      activejob (= 4.2.3)
      mail (~> 2.5, >= 2.5.4)
      rails-dom-testing (~> 1.0, >= 1.0.5)
    actionpack (4.2.3)
      actionview (= 4.2.3)
      activesupport (= 4.2.3)
      rack (~> 1.6)
      rack-test (~> 0.6.2)
      rails-dom-testing (~> 1.0, >= 1.0.5)
      rails-html-sanitizer (~> 1.0, >= 1.0.2)
    actionpack-action_caching (1.1.1)
      actionpack (>= 4.0.0, < 5.0)
    actionview (4.2.3)
      activesupport (= 4.2.3)
      builder (~> 3.1)
      erubis (~> 2.7.0)
      rails-dom-testing (~> 1.0, >= 1.0.5)
      rails-html-sanitizer (~> 1.0, >= 1.0.2)
    activejob (4.2.3)
      activesupport (= 4.2.3)
      globalid (>= 0.3.0)
    activemodel (4.2.3)
      activesupport (= 4.2.3)
      builder (~> 3.1)
    activerecord (4.2.3)
      activemodel (= 4.2.3)
      activesupport (= 4.2.3)
      arel (~> 6.0)
    activerecord-import (0.8.0)
      activerecord (>= 3.0)
    activesupport (4.2.3)
      i18n (~> 0.7)
      json (~> 1.7, >= 1.7.7)
      minitest (~> 5.1)
      thread_safe (~> 0.3, >= 0.3.4)
      tzinfo (~> 1.1)
    acts-as-taggable-on (3.5.0)
      activerecord (>= 3.2, < 5)
    addressable (2.3.8)
    airbrussh (0.5.1)
      sshkit (>= 1.6.1, != 1.7.0)
    apipie-rails (0.3.3)
      json
    arel (6.0.0)
    attr_extras (4.4.0)
    attribute-defaults (0.7.0)
      activerecord (>= 4.0.0, < 5.0.0)
    awesome_print (1.6.1)
    axiom-types (0.1.1)
      descendants_tracker (~> 0.0.4)
      ice_nine (~> 0.11.0)
      thread_safe (~> 0.3, >= 0.3.1)
    bcrypt (3.1.10)
    better_errors (2.1.1)
      coderay (>= 1.0.0)
      erubis (>= 2.6.6)
      rack (>= 0.9.0)
    binding_of_caller (0.7.2)
      debug_inspector (>= 0.0.1)
    browser (0.8.0)
    builder (3.2.2)
    byebug (4.0.5)
      columnize (= 0.9.0)
    capistrano (3.4.0)
      i18n
      rake (>= 10.0.0)
      sshkit (~> 1.3)
    capistrano-bundler (1.1.4)
      capistrano (~> 3.1)
      sshkit (~> 1.2)
    capistrano-git-submodule-strategy (0.1.17)
      capistrano (~> 3.1)
    capistrano-rails (1.1.3)
      capistrano (~> 3.1)
      capistrano-bundler (~> 1.1)
    capybara (2.4.4)
      mime-types (>= 1.16)
      nokogiri (>= 1.3.3)
      rack (>= 1.0.0)
      rack-test (>= 0.5.4)
      xpath (~> 2.0)
    celluloid (0.16.0)
      timers (~> 4.0.0)
    chronic (0.10.2)
    chunky_png (1.3.4)
    climate_control (0.0.3)
      activesupport (>= 3.0)
    cocaine (0.5.7)
      climate_control (>= 0.0.3, < 1.0)
    coderay (1.1.0)
    coercible (1.0.0)
      descendants_tracker (~> 0.0.1)
    coffee-rails (4.1.0)
      coffee-script (>= 2.2.0)
      railties (>= 4.0.0, < 5.0)
    coffee-script (2.4.1)
      coffee-script-source
      execjs
    coffee-script-source (1.9.1.1)
    colorize (0.7.7)
    columnize (0.9.0)
    compass (1.0.3)
      chunky_png (~> 1.2)
      compass-core (~> 1.0.2)
      compass-import-once (~> 1.0.5)
      rb-fsevent (>= 0.9.3)
      rb-inotify (>= 0.9)
      sass (>= 3.3.13, < 3.5)
    compass-core (1.0.3)
      multi_json (~> 1.0)
      sass (>= 3.3.0, < 3.5)
    compass-import-once (1.0.5)
      sass (>= 3.2, < 3.5)
    compass-rails (2.0.4)
      compass (~> 1.0.0)
      sass-rails (<= 5.0.1)
      sprockets (< 2.13)
    connection_pool (2.2.0)
    cookiejar (0.3.2)
    crack (0.4.2)
      safe_yaml (~> 1.0.0)
    d3_rails (3.5.5)
      railties (>= 3.1.0)
    daemons (1.1.9)
    dalli (2.7.4)
    database_cleaner (1.4.1)
    debug_inspector (0.0.2)
    descendants_tracker (0.0.4)
      thread_safe (~> 0.3, >= 0.3.1)
    devise (3.5.1)
      bcrypt (~> 3.0)
      orm_adapter (~> 0.1)
      railties (>= 3.2.6, < 5)
      responders
      thread_safe (~> 0.1)
      warden (~> 1.2.3)
    devise-async (0.10.1)
      devise (~> 3.2)
    diff-lcs (1.2.5)
    draper (1.4.0)
      actionpack (>= 3.0)
      activemodel (>= 3.0)
      activesupport (>= 3.0)
      request_store (~> 1.0)
    em-hiredis (0.3.0)
      eventmachine (~> 1.0)
      hiredis (~> 0.5.0)
    em-http-request (1.1.2)
      addressable (>= 2.3.4)
      cookiejar
      em-socksify (>= 0.3)
      eventmachine (>= 1.0.3)
      http_parser.rb (>= 0.6.0)
    em-socksify (0.3.0)
      eventmachine (>= 1.0.0.beta.4)
    enumerize (0.11.0)
      activesupport (>= 3.2)
    equalizer (0.0.11)
    erubis (2.7.0)
    eventmachine (1.0.7)
    execjs (2.5.2)
    factory_girl (4.5.0)
      activesupport (>= 3.0.0)
    factory_girl_rails (4.5.0)
      factory_girl (~> 4.5.0)
      railties (>= 3.0.0)
    faraday (0.9.1)
      multipart-post (>= 1.2, < 3)
    faye (1.1.1)
      cookiejar (>= 0.3.0)
      em-http-request (>= 0.3.0)
      eventmachine (>= 0.12.0)
      faye-websocket (>= 0.9.1)
      multi_json (>= 1.0.0)
      rack (>= 1.0.0)
      websocket-driver (>= 0.5.1)
    faye-redis (0.2.0)
      em-hiredis (>= 0.2.0)
      eventmachine (>= 0.12.0)
      multi_json (>= 1.0.0)
    faye-websocket (0.9.2)
      eventmachine (>= 0.12.0)
      websocket-driver (>= 0.5.1)
    ffi (1.9.10)
    formatador (0.2.5)
    gcm (0.0.7)
      httparty
      json
    git-version-bump (0.15.1)
    globalid (0.3.5)
      activesupport (>= 4.1.0)
    guard (2.12.7)
      formatador (>= 0.2.4)
      listen (>= 2.7, <= 4.0)
      lumberjack (~> 1.0)
      nenv (~> 0.1)
      notiffany (~> 0.0)
      pry (>= 0.9.12)
      shellany (~> 0.0)
      thor (>= 0.18.1)
    guard-bundler (2.1.0)
      bundler (~> 1.0)
      guard (~> 2.2)
      guard-compat (~> 1.1)
    guard-compat (1.2.1)
    guard-pow (2.0.0)
      guard (~> 2.0)
    guard-rspec (4.6.0)
      guard (~> 2.1)
      guard-compat (~> 1.1)
      rspec (>= 2.99.0, < 4.0)
    guard-spring (0.0.4)
      guard
      spring
    hashie (3.4.1)
    hike (1.2.3)
    hiredis (0.5.2)
    hitimes (1.2.2)
    honeybadger (2.1.0)
    htmlentities (4.3.3)
    http_parser.rb (0.6.0)
    httparty (0.13.3)
      json (~> 1.8)
      multi_xml (>= 0.5.2)
    i18n (0.7.0)
    icalendar (2.3.0)
    ice_nine (0.11.1)
    jbuilder (2.3.0)
      activesupport (>= 3.0.0, < 5)
      multi_json (~> 1.2)
    json (1.8.3)
    jwt (1.4.1)
    kgio (2.9.3)
    launchy (2.4.3)
      addressable (~> 2.3)
    letter_opener (1.4.1)
      launchy (~> 2.2)
    lograge (0.3.1)
      actionpack (>= 3)
      activesupport (>= 3)
      railties (>= 3)
    loofah (2.0.2)
      nokogiri (>= 1.5.9)
    lumberjack (1.0.9)
    mactag (0.7.2)
    mail (2.6.3)
      mime-types (>= 1.16, < 3)
    marco-polo (1.2.1)
    meta-tags (2.0.0)
      actionpack (>= 3.0.0)
    method_source (0.8.2)
    metrika (0.2.3)
      oauth2
      yajl-ruby
    mime-types (2.6.1)
    mimemagic (0.3.0)
    mini_portile (0.6.2)
    minitest (5.7.0)
    multi_json (1.11.2)
    multi_xml (0.5.5)
    multipart-post (2.0.0)
    nenv (0.2.0)
    net-scp (1.2.1)
      net-ssh (>= 2.6.5)
    net-ssh (2.9.2)
    newrelic_rpm (3.12.1.298)
    nokogiri (1.6.6.2)
      mini_portile (~> 0.6.0)
    non-stupid-digest-assets (1.0.4)
    notiffany (0.0.6)
      nenv (~> 0.1)
      shellany (~> 0.0)
    oauth (0.4.7)
    oauth2 (1.0.0)
      faraday (>= 0.8, < 0.10)
      jwt (~> 1.0)
      multi_json (~> 1.3)
      multi_xml (~> 0.5)
      rack (~> 1.2)
    omniauth (1.2.2)
      hashie (>= 1.2, < 4)
      rack (~> 1.0)
    omniauth-facebook (2.0.1)
      omniauth-oauth2 (~> 1.2)
    omniauth-oauth (1.1.0)
      oauth
      omniauth (~> 1.0)
    omniauth-oauth2 (1.3.0)
      oauth2 (~> 1.0)
      omniauth (~> 1.2)
    omniauth-twitter (1.2.0)
      json (~> 1.3)
      omniauth-oauth (~> 1.1)
    omniauth-vkontakte (1.3.3)
      multi_json
      omniauth (~> 1.0)
      omniauth-oauth2 (~> 1.1)
    open_uri_redirections (0.2.1)
    orm_adapter (0.5.0)
    paperclip (4.3.0)
      activemodel (>= 3.2.0)
      activesupport (>= 3.2.0)
      cocaine (~> 0.5.5)
      mime-types
      mimemagic (= 0.3.0)
    pg (0.18.2)
    pghero (1.1.0)
      activerecord
    pry (0.10.1)
      coderay (~> 1.1.0)
      method_source (~> 0.8.1)
      slop (~> 3.4)
    pry-byebug (3.1.0)
      byebug (~> 4.0)
      pry (~> 0.10)
    pry-rails (0.3.4)
      pry (>= 0.9.10)
    pry-stack_explorer (0.4.9.2)
      binding_of_caller (>= 0.7)
      pry (>= 0.9.11)
    quiet_assets (1.1.0)
      railties (>= 3.1, < 5.0)
    rabl (0.11.6)
      activesupport (>= 2.3.14)
    rack (1.6.4)
    rack-contrib (1.3.0)
      git-version-bump (~> 0.15)
      rack (~> 1.4)
    rack-cors (0.4.0)
    rack-protection (1.5.3)
      rack
    rack-test (0.6.3)
      rack (>= 1.0)
    rails (4.2.3)
      actionmailer (= 4.2.3)
      actionpack (= 4.2.3)
      actionview (= 4.2.3)
      activejob (= 4.2.3)
      activemodel (= 4.2.3)
      activerecord (= 4.2.3)
      activesupport (= 4.2.3)
      bundler (>= 1.3.0, < 2.0)
      railties (= 4.2.3)
      sprockets-rails
    rails-assets-classie (1.0.1)
    rails-assets-doc-ready (1.0.4)
      rails-assets-eventie (>= 1, < 2)
    rails-assets-eventEmitter (4.2.11)
    rails-assets-eventie (1.0.6)
    rails-assets-get-size (1.2.2)
      rails-assets-get-style-property (~> 1.0)
    rails-assets-get-style-property (1.0.4)
    rails-assets-jquery (2.1.4)
    rails-assets-jquery-bridget (1.1.0)
      rails-assets-jquery (>= 1.4.2, < 3)
    rails-assets-matches-selector (1.0.3)
    rails-assets-moment (2.10.3)
    rails-assets-outlayer (1.3.0)
      rails-assets-doc-ready (~> 1.0.0)
      rails-assets-eventEmitter (>= 4.2, < 5)
      rails-assets-eventie (~> 1.0.3)
      rails-assets-get-size (>= 1.1.4, < 1.3)
      rails-assets-get-style-property (~> 1.0)
      rails-assets-matches-selector (~> 1.0)
    rails-assets-packery (1.3.2)
      rails-assets-classie (~> 1.0)
      rails-assets-get-size (~> 1.2.0)
      rails-assets-get-style-property (~> 1.0)
      rails-assets-outlayer (~> 1.3.0)
    rails-deprecated_sanitizer (1.0.3)
      activesupport (>= 4.2.0.alpha)
    rails-dom-testing (1.0.6)
      activesupport (>= 4.2.0.beta, < 5.0)
      nokogiri (~> 1.6.0)
      rails-deprecated_sanitizer (>= 1.0.1)
    rails-html-sanitizer (1.0.2)
      loofah (~> 2.0)
    rails-i18n (4.0.4)
      i18n (~> 0.6)
      railties (~> 4.0)
    railties (4.2.3)
      actionpack (= 4.2.3)
      activesupport (= 4.2.3)
      rake (>= 0.8.7)
      thor (>= 0.18.1, < 2.0)
    raindrops (0.14.0)
    rake (10.4.2)
    rb-fchange (0.0.6)
      ffi
    rb-fsevent (0.9.5)
    rb-inotify (0.9.5)
      ffi (>= 0.5.0)
    redis (3.2.1)
    redis-namespace (1.5.2)
      redis (~> 3.0, >= 3.0.4)
    request_store (1.1.0)
    responders (2.1.0)
      railties (>= 4.2.0, < 5)
    retryable (2.0.1)
    rs_russian (0.9.0)
      activesupport (>= 3.0.0, < 5.0.0)
      i18n (>= 0.6.0, < 0.8.0)
      unicode (~> 0.4.4)
    rspec (3.3.0)
      rspec-core (~> 3.3.0)
      rspec-expectations (~> 3.3.0)
      rspec-mocks (~> 3.3.0)
    rspec-collection_matchers (1.1.2)
      rspec-expectations (>= 2.99.0.beta1)
    rspec-core (3.3.1)
      rspec-support (~> 3.3.0)
    rspec-expectations (3.3.0)
      diff-lcs (>= 1.2.0, < 2.0)
      rspec-support (~> 3.3.0)
    rspec-its (1.2.0)
      rspec-core (>= 3.0.0)
      rspec-expectations (>= 3.0.0)
    rspec-mocks (3.3.1)
      diff-lcs (>= 1.2.0, < 2.0)
      rspec-support (~> 3.3.0)
    rspec-rails (3.3.2)
      actionpack (>= 3.0, < 4.3)
      activesupport (>= 3.0, < 4.3)
      railties (>= 3.0, < 4.3)
      rspec-core (~> 3.3.0)
      rspec-expectations (~> 3.3.0)
      rspec-mocks (~> 3.3.0)
      rspec-support (~> 3.3.0)
    rspec-support (3.3.0)
    rvm1-capistrano3 (1.3.2.2)
      capistrano (~> 3.0)
      sshkit (>= 1.2)
    safe_yaml (1.0.4)
    sass (3.4.15)
    sass-rails (5.0.1)
      railties (>= 4.0.0, < 5.0)
      sass (~> 3.1)
      sprockets (>= 2.8, < 4.0)
      sprockets-rails (>= 2.0, < 4.0)
      tilt (~> 1.1)
    shellany (0.0.1)
    shoulda-matchers (2.8.0)
      activesupport (>= 3.0.0)
    sidekiq (3.4.1)
      celluloid (~> 0.16.0)
      connection_pool (>= 2.1.1)
      json
      redis (>= 3.0.6)
      redis-namespace (>= 1.3.1)
    sidekiq-limit_fetch (2.4.2)
      sidekiq (>= 2.6.5, < 4.0)
    sidekiq-unique-jobs (3.0.14)
      sidekiq (>= 2.6)
    simple_form (3.1.0)
      actionpack (~> 4.0)
      activemodel (~> 4.0)
    sinatra (1.4.6)
      rack (~> 1.4)
      rack-protection (~> 1.4)
      tilt (>= 1.3, < 3)
    slim (3.0.6)
      temple (~> 0.7.3)
      tilt (>= 1.3.3, < 2.1)
    slim-rails (3.0.1)
      actionmailer (>= 3.1, < 5.0)
      actionpack (>= 3.1, < 5.0)
      activesupport (>= 3.1, < 5.0)
      railties (>= 3.1, < 5.0)
      slim (~> 3.0)
    slop (3.6.0)
    spring (1.3.6)
    spring-commands-rspec (1.0.4)
      spring (>= 0.9.1)
    sprockets (2.12.4)
      hike (~> 1.2)
      multi_json (~> 1.0)
      rack (~> 1.0)
      tilt (~> 1.1, != 1.3.0)
    sprockets-rails (2.3.2)
      actionpack (>= 3.0)
      activesupport (>= 3.0)
      sprockets (>= 2.8, < 4.0)
    sshkit (1.7.1)
      colorize (>= 0.7.0)
      net-scp (>= 1.1.2)
      net-ssh (>= 2.8.0)
    state_machine (1.2.0)
    temple (0.7.6)
    thin (1.6.3)
      daemons (~> 1.0, >= 1.0.9)
      eventmachine (~> 1.0)
      rack (~> 1.0)
    thor (0.19.1)
    thread_safe (0.3.5)
    tilt (1.4.1)
    timecop (0.7.4)
    timers (4.0.1)
      hitimes
    tins (0.13.2)
    truncate_html (0.9.3)
    tzinfo (1.2.2)
      thread_safe (~> 0.1)
    uglifier (2.7.1)
      execjs (>= 0.3.0)
      json (>= 1.8.0)
    unicode (0.4.4.2)
    unicorn (4.9.0)
      kgio (~> 2.6)
      rack
      raindrops (~> 0.7)
    vcr (2.9.3)
    virtus (1.0.5)
      axiom-types (~> 0.1)
      coercible (~> 1.0)
      descendants_tracker (~> 0.0, >= 0.0.3)
      equalizer (~> 0.0, >= 0.0.9)
    warden (1.2.3)
      rack (>= 1.0)
    webmock (1.21.0)
      addressable (>= 2.3.6)
      crack (>= 0.3.2)
    websocket-driver (0.5.4)
      websocket-extensions (>= 0.1.0)
    websocket-extensions (0.1.2)
    whenever (0.9.4)
      chronic (>= 0.6.3)
    xpath (2.0.0)
      nokogiri (~> 1.3)
    xxhash (0.3.0)
    yajl-ruby (1.2.1)
    zaru (0.1.0)

PLATFORMS
  ruby

DEPENDENCIES
  actionpack-action_caching
  active_model_serializers!
  activerecord-import
  acts-as-taggable-on
  acts_as_voteable!
  airbrussh
  amatch!
  apipie-rails (= 0.3.3)
  attr_extras
  attribute-defaults
  awesome_print
  better_errors
  binding_of_caller
  browser
  byebug
  cancancan!
  capistrano
  capistrano-bundler
  capistrano-git-submodule-strategy
  capistrano-rails
  capybara
  clockwork!
  coffee-rails
  colorize
  compass-rails
  d3_rails
  dalli
  database_cleaner
  devise
  devise-async
  draper
  enumerize
  factory_girl_rails
  faye
  faye-redis
  foreman!
  gcm
  guard
  guard-bundler
  guard-pow
  guard-rspec
  guard-spring
  honeybadger
  htmldiff!
  htmlentities
  icalendar
  jbuilder
  letter_opener
  listen!
  lograge
  mactag
  magnific-popup-rails!
  marco-polo
  meta-tags
  metrika
  newrelic_rpm
  nokogiri
  non-stupid-digest-assets
  omniauth
  omniauth-facebook
  omniauth-twitter
  omniauth-vkontakte
  open_uri_redirections
  paperclip
  pg
  pghero
  pry-byebug
  pry-rails
  pry-stack_explorer
  quiet_assets
  rabl
  rack-contrib
  rack-cors
  rails
  rails-assets-eventEmitter!
  rails-assets-eventie!
  rails-assets-jquery!
  rails-assets-jquery-bridget!
  rails-assets-moment!
  rails-assets-packery (= 1.3.2)!
  rails-i18n
  railties
  rake
  rb-fchange
  rb-fsevent
  rb-inotify
  redis
  responders
  retryable
  rmagick!
  rs_russian
  rspec
  rspec-collection_matchers
  rspec-core
  rspec-expectations
  rspec-its
  rspec-mocks
  rspec-rails
  ruby-svd!
  rvm1-capistrano3
  sass-rails
  shoulda-matchers
  sidekiq
  sidekiq-limit_fetch
  sidekiq-unique-jobs
  simple_form
  simple_form-magic_submit!
  sinatra (>= 1.3.0)
  slim-rails
  spring
  spring-commands-rspec
  state_machine
  thin
  timecop
  truncate_html
  turbolinks!
  uglifier
  unicode
  unicorn
  vcr
  virtus
  webmock
  whenever
  will_paginate!
  xxhash
  zaru

BUNDLED WITH
   1.10.5
